GEM
  remote: https://rubygems.org/
  specs:
    actioncable (8.0.3)
      actionpack (= 8.0.3)
      activesupport (= 8.0.3)
      nio4r (~> 2.0)
      websocket-driver (>= 0.6.1)
      zeitwerk (~> 2.6)
    actionmailbox (8.0.3)
      actionpack (= 8.0.3)
      activejob (= 8.0.3)
      activerecord (= 8.0.3)
      activestorage (= 8.0.3)
      activesupport (= 8.0.3)
      mail (>= 2.8.0)
    actionmailer (8.0.3)
      actionpack (= 8.0.3)
      actionview (= 8.0.3)
      activejob (= 8.0.3)
      activesupport (= 8.0.3)
      mail (>= 2.8.0)
      rails-dom-testing (~> 2.2)
    actionpack (8.0.3)
      actionview (= 8.0.3)
      activesupport (= 8.0.3)
      nokogiri (>= 1.8.5)
      rack (>= 2.2.4)
      rack-session (>= 1.0.1)
      rack-test (>= 0.6.3)
      rails-dom-testing (~> 2.2)
      rails-html-sanitizer (~> 1.6)
      useragent (~> 0.16)
    actiontext (8.0.3)
      actionpack (= 8.0.3)
      activerecord (= 8.0.3)
      activestorage (= 8.0.3)
      activesupport (= 8.0.3)
      globalid (>= 0.6.0)
      nokogiri (>= 1.8.5)
    actionview (8.0.3)
      activesupport (= 8.0.3)
      builder (~> 3.1)
      erubi (~> 1.11)
      rails-dom-testing (~> 2.2)
      rails-html-sanitizer (~> 1.6)
    activejob (8.0.3)
      activesupport (= 8.0.3)
      globalid (>= 0.3.6)
    activemodel (8.0.3)
      activesupport (= 8.0.3)
    activerecord (8.0.3)
      activemodel (= 8.0.3)
      activesupport (= 8.0.3)
      timeout (>= 0.4.0)
    activestorage (8.0.3)
      actionpack (= 8.0.3)
      activejob (= 8.0.3)
      activerecord (= 8.0.3)
      activesupport (= 8.0.3)
      marcel (~> 1.0)
    activesupport (8.0.3)
      base64
      benchmark (>= 0.3)
      bigdecimal
      concurrent-ruby (~> 1.0, >= 1.3.1)
      connection_pool (>= 2.2.5)
      drb
      i18n (>= 1.6, < 2)
      logger (>= 1.4.2)
      minitest (>= 5.1)
      securerandom (>= 0.3)
      tzinfo (~> 2.0, >= 2.0.5)
      uri (>= 0.13.1)
    addressable (2.8.7)
      public_suffix (>= 2.0.2, < 7.0)
    ast (2.4.3)
    babosa (2.0.0)
    base64 (0.3.0)
    benchmark (0.4.1)
    better_errors (2.10.1)
      erubi (>= 1.0.0)
      rack (>= 0.9.0)
      rouge (>= 1.0.0)
    better_html (2.1.1)
      actionview (>= 6.0)
      activesupport (>= 6.0)
      ast (~> 2.0)
      erubi (~> 1.4)
      parser (>= 2.4)
      smart_properties
    bigdecimal (3.3.1)
    binding_of_caller (1.0.1)
      debug_inspector (>= 1.2.0)
    bootsnap (1.18.6)
      msgpack (~> 1.2)
    brakeman (7.1.0)
      racc
    builder (3.3.0)
    byebug (12.0.0)
    capybara (3.40.0)
      addressable
      matrix
      mini_mime (>= 0.1.3)
      nokogiri (~> 1.11)
      rack (>= 1.6.0)
      rack-test (>= 0.6.3)
      regexp_parser (>= 1.5, < 3.0)
      xpath (~> 3.2)
    capybara-playwright-driver (0.5.7)
      addressable
      capybara
      playwright-ruby-client (>= 1.16.0)
    childprocess (5.1.0)
      logger (~> 1.5)
    climate_control (1.2.0)
    coderay (1.1.3)
    concurrent-ruby (1.3.5)
    connection_pool (2.5.4)
    content_block_tools (1.5.0)
      actionview (>= 6, < 8.0.4)
      govspeak (>= 10.6.3)
      rails (>= 6, < 8.0.4)
      view_component (~> 4)
    crack (1.0.0)
      bigdecimal
      rexml
    crass (1.0.6)
    cucumber (10.1.1)
      base64 (~> 0.2)
      builder (~> 3.2)
      cucumber-ci-environment (> 9, < 11)
      cucumber-core (> 15, < 17)
      cucumber-cucumber-expressions (> 17, < 19)
      cucumber-html-formatter (> 20.3, < 22)
      diff-lcs (~> 1.5)
      logger (~> 1.6)
      mini_mime (~> 1.1)
      multi_test (~> 1.1)
      sys-uname (~> 1.3)
    cucumber-ci-environment (10.0.1)
    cucumber-core (15.2.1)
      cucumber-gherkin (> 27, < 33)
      cucumber-messages (> 26, < 30)
      cucumber-tag-expressions (> 5, < 7)
    cucumber-cucumber-expressions (18.0.1)
      bigdecimal
    cucumber-gherkin (32.2.0)
      cucumber-messages (> 25, < 28)
    cucumber-html-formatter (21.15.1)
      cucumber-messages (> 19, < 28)
    cucumber-messages (27.2.0)
    cucumber-rails (4.0.0)
      capybara (>= 3.25, < 4)
      cucumber (>= 7, < 11)
      railties (>= 6.1, < 9)
    cucumber-tag-expressions (6.1.2)
    dartsass-rails (0.5.1)
      railties (>= 6.0.0)
      sass-embedded (~> 1.63)
    database_cleaner-active_record (2.2.2)
      activerecord (>= 5.a)
      database_cleaner-core (~> 2.0)
    database_cleaner-core (2.0.1)
    date (3.4.1)
    debug (1.11.0)
      irb (~> 1.10)
      reline (>= 0.3.8)
    debug_inspector (1.2.0)
    diff-lcs (1.6.2)
    docile (1.4.1)
    domain_name (0.6.20240107)
    drb (2.2.3)
    equivalent-xml (0.6.0)
      nokogiri (>= 1.4.3)
    erb (5.1.1)
    erb_lint (0.9.0)
      activesupport
      better_html (>= 2.0.1)
      parser (>= 2.7.1.4)
      rainbow
      rubocop (>= 1)
      smart_properties
    erubi (1.13.1)
    execjs (2.10.0)
    factory_bot (6.5.5)
      activesupport (>= 6.1.0)
    faraday (2.13.4)
      faraday-net_http (>= 2.0, < 3.5)
      json
      logger
    faraday-net_http (3.4.1)
      net-http (>= 0.5.0)
    ffi (1.17.2-aarch64-linux-gnu)
    ffi (1.17.2-aarch64-linux-musl)
    ffi (1.17.2-arm-linux-gnu)
    ffi (1.17.2-arm-linux-musl)
    ffi (1.17.2-arm64-darwin)
    ffi (1.17.2-x86_64-darwin)
    ffi (1.17.2-x86_64-linux-gnu)
    ffi (1.17.2-x86_64-linux-musl)
    flipflop (2.8.0)
      activesupport (>= 4.0)
      terminal-table (>= 1.8)
    friendly_id (5.5.1)
      activerecord (>= 4.0.0)
    gds-api-adapters (101.0.0)
      addressable
      link_header
      null_logger
      plek (>= 1.9.0)
      rack (>= 2.2.0)
      rest-client (~> 2.0)
    gds-sso (22.1.1)
      oauth2 (~> 2.0)
      omniauth (~> 2.1)
      omniauth-oauth2 (~> 1.8)
      plek (>= 5)
      rack
      rails (>= 7)
      warden (~> 1.2)
      warden-oauth2 (~> 0.0.1)
    globalid (1.3.0)
      activesupport (>= 6.1)
    google-protobuf (4.32.1)
      bigdecimal
      rake (>= 13)
    google-protobuf (4.32.1-aarch64-linux-gnu)
      bigdecimal
      rake (>= 13)
    google-protobuf (4.32.1-aarch64-linux-musl)
      bigdecimal
      rake (>= 13)
    google-protobuf (4.32.1-arm64-darwin)
      bigdecimal
      rake (>= 13)
    google-protobuf (4.32.1-x86_64-darwin)
      bigdecimal
      rake (>= 13)
    google-protobuf (4.32.1-x86_64-linux-gnu)
      bigdecimal
      rake (>= 13)
    google-protobuf (4.32.1-x86_64-linux-musl)
      bigdecimal
      rake (>= 13)
    googleapis-common-protos-types (1.22.0)
      google-protobuf (~> 4.26)
    govspeak (10.6.5)
      actionview (>= 6, < 8.0.4)
      addressable (>= 2.3.8, < 2.8.8)
      govuk_publishing_components (>= 43)
      htmlentities (~> 4)
      i18n (>= 0.7, < 1.14.8)
      kramdown (>= 2.3.1, < 2.5.2)
      nokogiri (~> 1.12)
      rinku (~> 2.0)
      sanitize (>= 6, < 8)
    govuk_app_config (9.20.3)
      logstasher (~> 2.1)
      opentelemetry-exporter-otlp (>= 0.25, < 0.31)
      opentelemetry-instrumentation-all (>= 0.39.1, < 0.85.0)
      opentelemetry-sdk (~> 1.2)
      plek (>= 4, < 6)
      prometheus_exporter (~> 2.3)
      puma (>= 5.6, < 8.0)
      rack-proxy (~> 0.7)
      sentry-rails (~> 5.3)
      sentry-ruby (~> 5.3)
      statsd-ruby (~> 1.5)
    govuk_frontend_toolkit (9.0.1)
      railties (>= 3.1.0)
    govuk_personalisation (1.1.0)
      plek (>= 1.9.0)
      rails (>= 6, < 9)
    govuk_publishing_components (61.1.3)
      govuk_app_config
      govuk_personalisation (>= 0.7.0)
      kramdown
      ostruct
      plek
      rails (>= 6)
      rouge
      sprockets (>= 3)
      sprockets-rails
    govuk_schemas (6.2.0)
      json-schema (>= 2.8, < 6.1)
    govuk_sidekiq (10.0.0)
      gds-api-adapters (>= 19.1.0)
      govuk_app_config (>= 1.1)
      redis-client (>= 0.22.2)
      sidekiq (~> 7.0, < 8)
    govuk_test (4.1.2)
      brakeman (>= 5.0.2)
      capybara (>= 3.36)
      puma
      selenium-webdriver (>= 4.0)
    hana (1.3.7)
    hashdiff (1.2.0)
    hashie (5.0.0)
    htmlentities (4.3.4)
    http-accept (1.7.0)
    http-cookie (1.0.8)
      domain_name (~> 0.5)
    i18n (1.14.7)
      concurrent-ruby (~> 1.0)
    io-console (0.8.1)
    irb (1.15.2)
      pp (>= 0.6.0)
      rdoc (>= 4.0.0)
      reline (>= 0.4.2)
    jbuilder (2.14.1)
      actionview (>= 7.0.0)
      activesupport (>= 7.0.0)
    json (2.13.2)
    json-schema (6.0.0)
      addressable (~> 2.8)
      bigdecimal (~> 3.1)
    json_schemer (2.4.0)
      bigdecimal
      hana (~> 1.3)
      regexp_parser (~> 2.0)
      simpleidn (~> 0.2)
    jwt (3.1.2)
      base64
    kaminari (1.2.2)
      activesupport (>= 4.1.0)
      kaminari-actionview (= 1.2.2)
      kaminari-activerecord (= 1.2.2)
      kaminari-core (= 1.2.2)
    kaminari-actionview (1.2.2)
      actionview
      kaminari-core (= 1.2.2)
    kaminari-activerecord (1.2.2)
      activerecord
      kaminari-core (= 1.2.2)
    kaminari-core (1.2.2)
    kramdown (2.5.1)
      rexml (>= 3.3.9)
    language_server-protocol (3.17.0.5)
    launchy (3.1.1)
      addressable (~> 2.8)
      childprocess (~> 5.0)
      logger (~> 1.6)
    link_header (0.0.8)
    lint_roller (1.1.0)
    logger (1.7.0)
    logstasher (2.1.5)
      activesupport (>= 5.2)
      request_store
    loofah (2.24.1)
      crass (~> 1.0.2)
      nokogiri (>= 1.12.0)
    mail (2.8.1)
      mini_mime (>= 0.1.1)
      net-imap
      net-pop
      net-smtp
    marcel (1.1.0)
    matrix (0.4.3)
    maxitest (6.0.1)
      minitest (>= 5.20.0, < 5.26.0)
    memoist3 (1.0.0)
    method_source (1.1.0)
    mime-types (3.7.0)
      logger
      mime-types-data (~> 3.2025, >= 3.2025.0507)
    mime-types-data (3.2025.0826)
    mini_mime (1.1.5)
    minitest (5.25.5)
    minitest-fail-fast (0.1.0)
      minitest (~> 5)
    minitest-stub-const (0.6)
    mocha (2.7.1)
      ruby2_keywords (>= 0.0.5)
    msgpack (1.8.0)
    multi_test (1.1.0)
    multi_xml (0.7.2)
      bigdecimal (~> 3.1)
    mutex_m (0.3.0)
    net-http (0.6.0)
      uri
    net-imap (0.5.12)
      date
      net-protocol
    net-pop (0.1.2)
      net-protocol
    net-protocol (0.2.2)
      timeout
    net-smtp (0.5.1)
      net-protocol
    netrc (0.11.0)
    nio4r (2.7.4)
    nokogiri (1.18.10-aarch64-linux-gnu)
      racc (~> 1.4)
    nokogiri (1.18.10-aarch64-linux-musl)
      racc (~> 1.4)
    nokogiri (1.18.10-arm-linux-gnu)
      racc (~> 1.4)
    nokogiri (1.18.10-arm-linux-musl)
      racc (~> 1.4)
    nokogiri (1.18.10-arm64-darwin)
      racc (~> 1.4)
    nokogiri (1.18.10-x86_64-darwin)
      racc (~> 1.4)
    nokogiri (1.18.10-x86_64-linux-gnu)
      racc (~> 1.4)
    nokogiri (1.18.10-x86_64-linux-musl)
      racc (~> 1.4)
    null_logger (0.0.1)
    oauth2 (2.0.12)
      faraday (>= 0.17.3, < 4.0)
      jwt (>= 1.0, < 4.0)
      logger (~> 1.2)
      multi_xml (~> 0.5)
      rack (>= 1.2, < 4)
      snaky_hash (~> 2.0, >= 2.0.3)
      version_gem (>= 1.1.8, < 3)
    omniauth (2.1.3)
      hashie (>= 3.4.6)
      rack (>= 2.2.3)
      rack-protection
    omniauth-oauth2 (1.8.0)
      oauth2 (>= 1.4, < 3)
      omniauth (~> 2.0)
    opentelemetry-api (1.7.0)
    opentelemetry-common (0.22.0)
      opentelemetry-api (~> 1.0)
    opentelemetry-exporter-otlp (0.30.0)
      google-protobuf (>= 3.18)
      googleapis-common-protos-types (~> 1.3)
      opentelemetry-api (~> 1.1)
      opentelemetry-common (~> 0.20)
      opentelemetry-sdk (~> 1.2)
      opentelemetry-semantic_conventions
    opentelemetry-helpers-mysql (0.3.0)
      opentelemetry-api (~> 1.7)
      opentelemetry-common (~> 0.21)
    opentelemetry-helpers-sql (0.2.0)
      opentelemetry-api (~> 1.7)
    opentelemetry-helpers-sql-obfuscation (0.4.0)
      opentelemetry-common (~> 0.21)
    opentelemetry-instrumentation-action_mailer (0.5.0)
      opentelemetry-instrumentation-active_support (~> 0.7)
    opentelemetry-instrumentation-action_pack (0.14.1)
      opentelemetry-instrumentation-rack (~> 0.21)
    opentelemetry-instrumentation-action_view (0.10.0)
      opentelemetry-instrumentation-active_support (~> 0.7)
    opentelemetry-instrumentation-active_job (0.9.2)
      opentelemetry-instrumentation-base (~> 0.24)
    opentelemetry-instrumentation-active_model_serializers (0.23.0)
      opentelemetry-instrumentation-active_support (>= 0.7.0)
    opentelemetry-instrumentation-active_record (0.10.1)
      opentelemetry-instrumentation-base (~> 0.24)
    opentelemetry-instrumentation-active_storage (0.2.0)
      opentelemetry-instrumentation-active_support (~> 0.7)
    opentelemetry-instrumentation-active_support (0.9.1)
      opentelemetry-instrumentation-base (~> 0.24)
    opentelemetry-instrumentation-all (0.84.0)
      opentelemetry-instrumentation-active_model_serializers (~> 0.23.0)
      opentelemetry-instrumentation-anthropic (~> 0.2.0)
      opentelemetry-instrumentation-aws_lambda (~> 0.5.0)
      opentelemetry-instrumentation-aws_sdk (~> 0.9.0)
      opentelemetry-instrumentation-bunny (~> 0.23.0)
      opentelemetry-instrumentation-concurrent_ruby (~> 0.23.0)
      opentelemetry-instrumentation-dalli (~> 0.28.0)
      opentelemetry-instrumentation-delayed_job (~> 0.24.0)
      opentelemetry-instrumentation-ethon (~> 0.24.0)
      opentelemetry-instrumentation-excon (~> 0.25.0)
      opentelemetry-instrumentation-faraday (~> 0.29.0)
      opentelemetry-instrumentation-grape (~> 0.4.0)
      opentelemetry-instrumentation-graphql (~> 0.30.0)
      opentelemetry-instrumentation-grpc (~> 0.3.0)
      opentelemetry-instrumentation-gruf (~> 0.4.0)
      opentelemetry-instrumentation-http (~> 0.26.0)
      opentelemetry-instrumentation-http_client (~> 0.25.0)
      opentelemetry-instrumentation-httpx (~> 0.4.0)
      opentelemetry-instrumentation-koala (~> 0.22.0)
      opentelemetry-instrumentation-lmdb (~> 0.24.0)
      opentelemetry-instrumentation-mongo (~> 0.24.0)
      opentelemetry-instrumentation-mysql2 (~> 0.30.0)
      opentelemetry-instrumentation-net_http (~> 0.25.0)
      opentelemetry-instrumentation-pg (~> 0.31.0)
      opentelemetry-instrumentation-que (~> 0.10.0)
      opentelemetry-instrumentation-racecar (~> 0.5.0)
      opentelemetry-instrumentation-rack (~> 0.28.0)
      opentelemetry-instrumentation-rails (~> 0.38.0)
      opentelemetry-instrumentation-rake (~> 0.4.0)
      opentelemetry-instrumentation-rdkafka (~> 0.8.0)
      opentelemetry-instrumentation-redis (~> 0.27.0)
      opentelemetry-instrumentation-resque (~> 0.7.0)
      opentelemetry-instrumentation-restclient (~> 0.25.0)
      opentelemetry-instrumentation-ruby_kafka (~> 0.23.0)
      opentelemetry-instrumentation-sidekiq (~> 0.27.0)
      opentelemetry-instrumentation-sinatra (~> 0.27.0)
      opentelemetry-instrumentation-trilogy (~> 0.63.0)
    opentelemetry-instrumentation-anthropic (0.2.1)
      opentelemetry-instrumentation-base (~> 0.24)
    opentelemetry-instrumentation-aws_lambda (0.5.1)
      opentelemetry-instrumentation-base (~> 0.24)
    opentelemetry-instrumentation-aws_sdk (0.9.1)
      opentelemetry-instrumentation-base (~> 0.24)
    opentelemetry-instrumentation-base (0.24.0)
      opentelemetry-api (~> 1.7)
      opentelemetry-common (~> 0.21)
      opentelemetry-registry (~> 0.1)
    opentelemetry-instrumentation-bunny (0.23.1)
      opentelemetry-instrumentation-base (~> 0.24)
    opentelemetry-instrumentation-concurrent_ruby (0.23.1)
      opentelemetry-instrumentation-base (~> 0.24)
    opentelemetry-instrumentation-dalli (0.28.1)
      opentelemetry-instrumentation-base (~> 0.24)
    opentelemetry-instrumentation-delayed_job (0.24.1)
      opentelemetry-instrumentation-base (~> 0.24)
    opentelemetry-instrumentation-ethon (0.24.1)
      opentelemetry-instrumentation-base (~> 0.24)
    opentelemetry-instrumentation-excon (0.25.2)
      opentelemetry-instrumentation-base (~> 0.24)
    opentelemetry-instrumentation-faraday (0.29.1)
      opentelemetry-instrumentation-base (~> 0.24)
    opentelemetry-instrumentation-grape (0.4.0)
      opentelemetry-instrumentation-rack (~> 0.21)
    opentelemetry-instrumentation-graphql (0.30.1)
      opentelemetry-instrumentation-base (~> 0.24)
    opentelemetry-instrumentation-grpc (0.3.1)
      opentelemetry-instrumentation-base (~> 0.24)
    opentelemetry-instrumentation-gruf (0.4.1)
      opentelemetry-instrumentation-base (~> 0.24)
    opentelemetry-instrumentation-http (0.26.1)
      opentelemetry-instrumentation-base (~> 0.24)
    opentelemetry-instrumentation-http_client (0.25.1)
      opentelemetry-instrumentation-base (~> 0.24)
    opentelemetry-instrumentation-httpx (0.4.1)
      opentelemetry-instrumentation-base (~> 0.24)
    opentelemetry-instrumentation-koala (0.22.1)
      opentelemetry-instrumentation-base (~> 0.24)
    opentelemetry-instrumentation-lmdb (0.24.1)
      opentelemetry-instrumentation-base (~> 0.24)
    opentelemetry-instrumentation-mongo (0.24.1)
      opentelemetry-instrumentation-base (~> 0.24)
    opentelemetry-instrumentation-mysql2 (0.30.1)
      opentelemetry-helpers-mysql
      opentelemetry-helpers-sql
      opentelemetry-helpers-sql-obfuscation
      opentelemetry-instrumentation-base (~> 0.24)
    opentelemetry-instrumentation-net_http (0.25.1)
      opentelemetry-instrumentation-base (~> 0.24)
    opentelemetry-instrumentation-pg (0.31.1)
      opentelemetry-helpers-sql
      opentelemetry-helpers-sql-obfuscation
      opentelemetry-instrumentation-base (~> 0.24)
    opentelemetry-instrumentation-que (0.10.1)
      opentelemetry-instrumentation-base (~> 0.24)
    opentelemetry-instrumentation-racecar (0.5.1)
      opentelemetry-instrumentation-base (~> 0.24)
    opentelemetry-instrumentation-rack (0.28.2)
      opentelemetry-instrumentation-base (~> 0.24)
    opentelemetry-instrumentation-rails (0.38.0)
      opentelemetry-instrumentation-action_mailer (~> 0.4)
      opentelemetry-instrumentation-action_pack (~> 0.13)
      opentelemetry-instrumentation-action_view (~> 0.9)
      opentelemetry-instrumentation-active_job (~> 0.8)
      opentelemetry-instrumentation-active_record (~> 0.9)
      opentelemetry-instrumentation-active_storage (~> 0.1)
      opentelemetry-instrumentation-active_support (~> 0.8)
      opentelemetry-instrumentation-concurrent_ruby (~> 0.22)
    opentelemetry-instrumentation-rake (0.4.1)
      opentelemetry-instrumentation-base (~> 0.24)
    opentelemetry-instrumentation-rdkafka (0.8.1)
      opentelemetry-instrumentation-base (~> 0.24)
    opentelemetry-instrumentation-redis (0.27.1)
      opentelemetry-instrumentation-base (~> 0.24)
    opentelemetry-instrumentation-resque (0.7.1)
      opentelemetry-instrumentation-base (~> 0.24)
    opentelemetry-instrumentation-restclient (0.25.1)
      opentelemetry-instrumentation-base (~> 0.24)
    opentelemetry-instrumentation-ruby_kafka (0.23.1)
      opentelemetry-instrumentation-base (~> 0.24)
    opentelemetry-instrumentation-sidekiq (0.27.1)
      opentelemetry-instrumentation-base (~> 0.24)
    opentelemetry-instrumentation-sinatra (0.27.1)
      opentelemetry-instrumentation-rack (~> 0.21)
    opentelemetry-instrumentation-trilogy (0.63.1)
      opentelemetry-helpers-mysql
      opentelemetry-helpers-sql
      opentelemetry-helpers-sql-obfuscation
      opentelemetry-instrumentation-base (~> 0.24)
      opentelemetry-semantic_conventions (>= 1.8.0)
    opentelemetry-registry (0.4.0)
      opentelemetry-api (~> 1.1)
    opentelemetry-sdk (1.9.0)
      opentelemetry-api (~> 1.1)
      opentelemetry-common (~> 0.20)
      opentelemetry-registry (~> 0.2)
      opentelemetry-semantic_conventions
    opentelemetry-semantic_conventions (1.36.0)
      opentelemetry-api (~> 1.0)
    ostruct (0.6.3)
    parallel (1.27.0)
    parser (3.3.9.0)
      ast (~> 2.4.1)
      racc
    pg (1.6.2)
    pg (1.6.2-aarch64-linux)
    pg (1.6.2-aarch64-linux-musl)
    pg (1.6.2-arm64-darwin)
    pg (1.6.2-x86_64-darwin)
    pg (1.6.2-x86_64-linux)
    pg (1.6.2-x86_64-linux-musl)
    pg_search (2.3.7)
      activerecord (>= 6.1)
      activesupport (>= 6.1)
    playwright-ruby-client (1.54.1)
      concurrent-ruby (>= 1.1.6)
      mime-types (>= 3.0)
    plek (5.2.2)
    pp (0.6.3)
      prettyprint
    prettyprint (0.2.0)
    prism (1.4.0)
    prometheus_exporter (2.3.0)
      webrick
    pry (0.15.2)
      coderay (~> 1.1)
      method_source (~> 1.0)
    pry-byebug (3.11.0)
      byebug (~> 12.0)
      pry (>= 0.13, < 0.16)
    pry-rails (0.3.11)
      pry (>= 0.13.0)
    psych (5.2.6)
      date
      stringio
    public_suffix (6.0.2)
    puma (7.0.4)
      nio4r (~> 2.0)
    racc (1.8.1)
    rack (3.2.3)
    rack-protection (4.1.1)
      base64 (>= 0.1.0)
      logger (>= 1.6.0)
      rack (>= 3.0.0, < 4)
    rack-proxy (0.7.7)
      rack
    rack-session (2.1.1)
      base64 (>= 0.1.0)
      rack (>= 3.0.0)
    rack-test (2.2.0)
      rack (>= 1.3)
    rackup (2.2.1)
      rack (>= 3)
    rails (8.0.3)
      actioncable (= 8.0.3)
      actionmailbox (= 8.0.3)
      actionmailer (= 8.0.3)
      actionpack (= 8.0.3)
      actiontext (= 8.0.3)
      actionview (= 8.0.3)
      activejob (= 8.0.3)
      activemodel (= 8.0.3)
      activerecord (= 8.0.3)
      activestorage (= 8.0.3)
      activesupport (= 8.0.3)
      bundler (>= 1.15.0)
      railties (= 8.0.3)
    rails-controller-testing (1.0.5)
      actionpack (>= 5.0.1.rc1)
      actionview (>= 5.0.1.rc1)
      activesupport (>= 5.0.1.rc1)
    rails-dom-testing (2.3.0)
      activesupport (>= 5.0.0)
      minitest
      nokogiri (>= 1.6)
    rails-html-sanitizer (1.6.2)
      loofah (~> 2.21)
      nokogiri (>= 1.15.7, != 1.16.7, != 1.16.6, != 1.16.5, != 1.16.4, != 1.16.3, != 1.16.2, != 1.16.1, != 1.16.0.rc1, != 1.16.0)
    railties (8.0.3)
      actionpack (= 8.0.3)
      activesupport (= 8.0.3)
      irb (~> 1.13)
      rackup (>= 1.0.0)
      rake (>= 12.2)
      thor (~> 1.0, >= 1.2.2)
      tsort (>= 0.2)
      zeitwerk (~> 2.6)
    rainbow (3.1.1)
    rake (13.3.0)
    rdoc (6.15.0)
      erb
      psych (>= 4.0.0)
      tsort
    record_tag_helper (1.0.1)
      actionview (>= 5)
    redis-client (0.26.1)
      connection_pool
    regexp_parser (2.11.2)
    reline (0.6.2)
      io-console (~> 0.5)
    request_store (1.7.0)
      rack (>= 1.4)
    rest-client (2.1.0)
      http-accept (>= 1.7.0, < 2.0)
      http-cookie (>= 1.0.2, < 2.0)
      mime-types (>= 1.16, < 4.0)
      netrc (~> 0.8)
    rexml (3.4.4)
    rinku (2.0.6)
    rouge (4.6.1)
    rspec-core (3.13.5)
      rspec-support (~> 3.13.0)
    rspec-expectations (3.13.5)
      diff-lcs (>= 1.2.0, < 2.0)
      rspec-support (~> 3.13.0)
    rspec-mocks (3.13.5)
      diff-lcs (>= 1.2.0, < 2.0)
      rspec-support (~> 3.13.0)
    rspec-rails (8.0.2)
      actionpack (>= 7.2)
      activesupport (>= 7.2)
      railties (>= 7.2)
      rspec-core (~> 3.13)
      rspec-expectations (~> 3.13)
      rspec-mocks (~> 3.13)
      rspec-support (~> 3.13)
    rspec-support (3.13.4)
    rubocop (1.79.2)
      json (~> 2.3)
      language_server-protocol (~> 3.17.0.2)
      lint_roller (~> 1.1.0)
      parallel (~> 1.10)
      parser (>= 3.3.0.2)
      rainbow (>= 2.2.2, < 4.0)
      regexp_parser (>= 2.9.3, < 3.0)
      rubocop-ast (>= 1.46.0, < 2.0)
      ruby-progressbar (~> 1.7)
      unicode-display_width (>= 2.4.0, < 4.0)
    rubocop-ast (1.46.0)
      parser (>= 3.3.7.2)
      prism (~> 1.4)
    rubocop-capybara (2.22.1)
      lint_roller (~> 1.1)
      rubocop (~> 1.72, >= 1.72.1)
    rubocop-govuk (5.1.20)
      rubocop (= 1.79.2)
      rubocop-ast (= 1.46.0)
      rubocop-capybara (= 2.22.1)
      rubocop-rails (= 2.33.3)
      rubocop-rake (= 0.7.1)
      rubocop-rspec (= 3.6.0)
    rubocop-rails (2.33.3)
      activesupport (>= 4.2.0)
      lint_roller (~> 1.1)
      rack (>= 1.1)
      rubocop (>= 1.75.0, < 2.0)
      rubocop-ast (>= 1.44.0, < 2.0)
    rubocop-rake (0.7.1)
      lint_roller (~> 1.1)
      rubocop (>= 1.72.1)
    rubocop-rspec (3.6.0)
      lint_roller (~> 1.1)
      rubocop (~> 1.72, >= 1.72.1)
    ruby-progressbar (1.13.0)
    ruby2_keywords (0.0.5)
    rubyzip (3.0.1)
    sanitize (7.0.0)
      crass (~> 1.0.2)
      nokogiri (>= 1.16.8)
    sass-embedded (1.90.0-aarch64-linux-gnu)
      google-protobuf (~> 4.31)
    sass-embedded (1.90.0-aarch64-linux-musl)
      google-protobuf (~> 4.31)
    sass-embedded (1.90.0-arm-linux-gnueabihf)
      google-protobuf (~> 4.31)
    sass-embedded (1.90.0-arm-linux-musleabihf)
      google-protobuf (~> 4.31)
    sass-embedded (1.90.0-arm64-darwin)
      google-protobuf (~> 4.31)
    sass-embedded (1.90.0-x86_64-darwin)
      google-protobuf (~> 4.31)
    sass-embedded (1.90.0-x86_64-linux-gnu)
      google-protobuf (~> 4.31)
    sass-embedded (1.90.0-x86_64-linux-musl)
      google-protobuf (~> 4.31)
    securerandom (0.4.1)
    selenium-webdriver (4.35.0)
      base64 (~> 0.2)
      logger (~> 1.4)
      rexml (~> 3.2, >= 3.2.5)
      rubyzip (>= 1.2.2, < 4.0)
      websocket (~> 1.0)
    sentry-rails (5.28.0)
      railties (>= 5.0)
      sentry-ruby (~> 5.28.0)
    sentry-ruby (5.28.0)
      bigdecimal
      concurrent-ruby (~> 1.0, >= 1.0.2)
    sentry-sidekiq (5.28.0)
      sentry-ruby (~> 5.28.0)
      sidekiq (>= 3.0)
    sidekiq (7.3.9)
      base64
      connection_pool (>= 2.3.0)
      logger
      rack (>= 2.2.4)
      redis-client (>= 0.22.2)
    simplecov (0.22.0)
      docile (~> 1.1)
      simplecov-html (~> 0.11)
      simplecov_json_formatter (~> 0.1)
    simplecov-html (0.13.2)
    simplecov_json_formatter (0.1.4)
    simpleidn (0.2.3)
    smart_properties (1.17.0)
    snaky_hash (2.0.3)
      hashie (>= 0.1.0, < 6)
      version_gem (>= 1.1.8, < 3)
    sprockets (4.2.2)
      concurrent-ruby (~> 1.0)
      logger
      rack (>= 2.2.4, < 4)
    sprockets-rails (3.5.2)
      actionpack (>= 6.1)
      activesupport (>= 6.1)
      sprockets (>= 3.0.0)
    statsd-ruby (1.5.0)
    stringio (3.1.7)
    sys-uname (1.4.1)
      ffi (~> 1.1)
      memoist3 (~> 1.0.0)
    terminal-table (4.0.0)
      unicode-display_width (>= 1.1.1, < 4)
    terser (1.2.6)
      execjs (>= 0.3.0, < 3)
    thor (1.4.0)
    thruster (0.1.15)
    thruster (0.1.15-aarch64-linux)
    thruster (0.1.15-arm64-darwin)
    thruster (0.1.15-x86_64-darwin)
    thruster (0.1.15-x86_64-linux)
    timecop (0.9.10)
    timeout (0.4.3)
    transitions (1.3.0)
    tsort (0.2.0)
    turbo-rails (2.0.17)
      actionpack (>= 7.1.0)
      railties (>= 7.1.0)
    tzinfo (2.0.6)
      concurrent-ruby (~> 1.0)
    unicode-display_width (3.1.5)
      unicode-emoji (~> 4.0, >= 4.0.4)
    unicode-emoji (4.0.4)
    uri (1.0.4)
    useragent (0.16.11)
    version_gem (1.1.8)
    view_component (4.0.2)
      activesupport (>= 7.1.0, < 8.1)
      concurrent-ruby (~> 1)
    warden (1.2.9)
      rack (>= 2.0.9)
    warden-oauth2 (0.0.1)
      warden
    webmock (3.25.1)
      addressable (>= 2.8.0)
      crack (>= 0.3.2)
      hashdiff (>= 0.4.0, < 2.0.0)
    webrick (1.9.1)
    websocket (1.2.11)
    websocket-driver (0.8.0)
      base64
      websocket-extensions (>= 0.1.0)
    websocket-extensions (0.1.5)
    xpath (3.2.0)
      nokogiri (~> 1.8)
    zeitwerk (2.7.3)

PLATFORMS
  aarch64-linux
  aarch64-linux-gnu
  aarch64-linux-musl
  arm-linux-gnu
  arm-linux-musl
  arm64-darwin
  x86_64-darwin
  x86_64-linux
  x86_64-linux-gnu
  x86_64-linux-musl

DEPENDENCIES
  babosa
  better_errors
  binding_of_caller
  bootsnap
  brakeman
  byebug
  capybara
  capybara-playwright-driver
  climate_control
  content_block_tools
  cucumber
  cucumber-rails
  dartsass-rails
  database_cleaner-active_record
  debug
  equivalent-xml
  erb_lint
  factory_bot
  flipflop
  friendly_id
  gds-api-adapters
  gds-sso
  govuk_app_config
  govuk_frontend_toolkit
  govuk_publishing_components
  govuk_schemas
  govuk_sidekiq
  govuk_test
  jbuilder
  json_schemer
  kaminari
  launchy
  maxitest
  minitest
  minitest-fail-fast
  minitest-stub-const
  mocha
  mutex_m
  pg (~> 1.6)
  pg_search
  plek
  pry-byebug
  pry-rails
  puma (>= 5.0)
  rails (~> 8.0.3)
  rails-controller-testing
  record_tag_helper
  rinku
  rspec-rails
  rubocop-govuk
  sentry-sidekiq
  simplecov
  sprockets-rails
  terser
  thruster
  timecop
  transitions
  turbo-rails
  tzinfo-data
  view_component
  webmock

CHECKSUMS
  actioncable (8.0.3) sha256=f8cad39cebefaa1c9d4904f3e843022f22ee7a9201b59db703bf3ef7f2877493
  actionmailbox (8.0.3) sha256=2a0444f8937c641db100128a1826554c5298ade65c62b623a1fcb34a1dc6bd2f
  actionmailer (8.0.3) sha256=6dc0c3701065a96f845a05a28e9d7a60055222cfc324cc6c3a281cec148cc723
  actionpack (8.0.3) sha256=d63c21cb109e0529d785ffdb657a092928890327c5c8ea2e46f63b6751be5ad3
  actiontext (8.0.3) sha256=1c46fdfa60ffa282bf29cccc0714071128826bef5740c4f2a88d375d206a9df4
  actionview (8.0.3) sha256=5171946ff07d1e95bf3d805ad9425a89040a013dea11bb1f4cf604f108b1ce66
  activejob (8.0.3) sha256=469eddb3822aff1c6a0df0bd3398f28bff8fcd1bd0e9d309e6b7ccbd0bdba1b6
  activemodel (8.0.3) sha256=406907245a1c6c04cdf2187cc4590fdc081d7a07392123d322125677022ea67c
  activerecord (8.0.3) sha256=9b95c63b2ae9ccb57bb15db730300fdd02af387e12474eb9002a668acab3cea8
  activestorage (8.0.3) sha256=4f4eadeb5d128a35ed21d960eeece027225b36d54542512c8a36ad5316988c5e
  activesupport (8.0.3) sha256=a711ce5e30660b23232f26a38699469f8d859d47aa1f722e183fda6d7cc17823
  addressable (2.8.7) sha256=462986537cf3735ab5f3c0f557f14155d778f4b43ea4f485a9deb9c8f7c58232
  ast (2.4.3) sha256=954615157c1d6a382bc27d690d973195e79db7f55e9765ac7c481c60bdb4d383
  babosa (2.0.0) sha256=a6218db8a4dc8fd99260dde8bc3d5fa1a0c52178196e236ebb31e41fbdcdb8a6
  base64 (0.3.0) sha256=27337aeabad6ffae05c265c450490628ef3ebd4b67be58257393227588f5a97b
  benchmark (0.4.1) sha256=d4ef40037bba27f03b28013e219b950b82bace296549ec15a78016552f8d2cce
  better_errors (2.10.1) sha256=f798f1bac93f3e775925b7fcb24cffbcf0bb62ee2210f5350f161a6b75fc0a73
  better_html (2.1.1) sha256=046c3551d1488a3f2939a7cac6fabf2bde08c32e135c91fcd683380118e5af55
  bigdecimal (3.3.1) sha256=eaa01e228be54c4f9f53bf3cc34fe3d5e845c31963e7fcc5bedb05a4e7d52218
  binding_of_caller (1.0.1) sha256=2b2902abff4246ddcfbc4da9b69bc4a019e22aeb300c2ff6289a173d4b90b29a
  bootsnap (1.18.6) sha256=0ae2393c1e911e38be0f24e9173e7be570c3650128251bf06240046f84a07d00
  brakeman (7.1.0) sha256=bbc708a75a53008490c8b9600b97fa85cb3d5a8818dd1560f18e0b89475d48af
  builder (3.3.0) sha256=497918d2f9dca528fdca4b88d84e4ef4387256d984b8154e9d5d3fe5a9c8835f
  byebug (12.0.0) sha256=d4a150d291cca40b66ec9ca31f754e93fed8aa266a17335f71bb0afa7fca1a1e
  capybara (3.40.0) sha256=42dba720578ea1ca65fd7a41d163dd368502c191804558f6e0f71b391054aeef
  capybara-playwright-driver (0.5.7) sha256=875a1928077d56be8b484f84674901a2374752d7842d93de2045bbede1aad242
  childprocess (5.1.0) sha256=9a8d484be2fd4096a0e90a0cd3e449a05bc3aa33f8ac9e4d6dcef6ac1455b6ec
  climate_control (1.2.0) sha256=36b21896193fa8c8536fa1cd843a07cf8ddbd03aaba43665e26c53ec1bd70aa5
  coderay (1.1.3) sha256=dc530018a4684512f8f38143cd2a096c9f02a1fc2459edcfe534787a7fc77d4b
  concurrent-ruby (1.3.5) sha256=813b3e37aca6df2a21a3b9f1d497f8cbab24a2b94cab325bffe65ee0f6cbebc6
  connection_pool (2.5.4) sha256=e9e1922327416091f3f6542f5f4446c2a20745276b9aa796dd0bb2fd0ea1e70a
  content_block_tools (1.5.0) sha256=90ea868c58fbc158a7d6f7aca534832cff1418c61a3515e5a699cde2c79df2f9
  crack (1.0.0) sha256=c83aefdb428cdc7b66c7f287e488c796f055c0839e6e545fec2c7047743c4a49
  crass (1.0.6) sha256=dc516022a56e7b3b156099abc81b6d2b08ea1ed12676ac7a5657617f012bd45d
  cucumber (10.1.1) sha256=293be9e52e526824dc6157e1afe8ee3716fd2902f88a0f4ae0ae37a46e452271
  cucumber-ci-environment (10.0.1) sha256=bb6e3fcec85c981dff4561997e8675a7123eead5fe9e587d2ad7568adbe18631
  cucumber-core (15.2.1) sha256=636a329f877c7ba478b5d9090f810c1b21796f9b601fa33532133ad1910b8588
  cucumber-cucumber-expressions (18.0.1) sha256=8398a0bf636af33ff3b61e459a309295eb02745b9e21bd7af0eaaa2a1e6be3e5
  cucumber-gherkin (32.2.0) sha256=a33699d3be9c7fe1b6d4a26c1aa18150f274a90c871a6bc1811d5795a52e4ad6
  cucumber-html-formatter (21.15.1) sha256=a08d7c30c357bfd4ea746312ed36e75dab5ba069e5ebc364ecfd5508540920e0
  cucumber-messages (27.2.0) sha256=46e2a1454620db3d0811ad990b9a96cd47bfdb5e2ad4f2ae0b41822332979fff
  cucumber-rails (4.0.0) sha256=b2fe07af16f74e7c6ef7cec5bb238a358443a91af019fba8586d936f49c47cf2
  cucumber-tag-expressions (6.1.2) sha256=f790e4e820b80d453e83c6a462ed6de36b9477b046543322f646c1e8c275916d
  dartsass-rails (0.5.1) sha256=f19510fb1b29c76c1739a06954d615f1d20ad653b6fc668dd7c68542bb303a1a
  database_cleaner-active_record (2.2.2) sha256=88296b9f3088c31f7c0d4fcec10f68e4b71c96698043916de59b04debec10388
  database_cleaner-core (2.0.1) sha256=8646574c32162e59ed7b5258a97a208d3c44551b854e510994f24683865d846c
  date (3.4.1) sha256=bf268e14ef7158009bfeaec40b5fa3c7271906e88b196d958a89d4b408abe64f
  debug (1.11.0) sha256=1425db64cfa0130c952684e3dc974985be201dd62899bf4bbe3f8b5d6cf1aef2
  debug_inspector (1.2.0) sha256=9bdfa02eebc3da163833e6a89b154084232f5766087e59573b70521c77ea68a2
  diff-lcs (1.6.2) sha256=9ae0d2cba7d4df3075fe8cd8602a8604993efc0dfa934cff568969efb1909962
  docile (1.4.1) sha256=96159be799bfa73cdb721b840e9802126e4e03dfc26863db73647204c727f21e
  domain_name (0.6.20240107) sha256=5f693b2215708476517479bf2b3802e49068ad82167bcd2286f899536a17d933
  drb (2.2.3) sha256=0b00d6fdb50995fe4a45dea13663493c841112e4068656854646f418fda13373
  equivalent-xml (0.6.0) sha256=8919761efa848ad0846369ff8be1f646b17e5061698c4867b09829000cc3f487
  erb (5.1.1) sha256=b2c26e7924551d9efbae998e17ddbef220937b6422b1d2ec7ae71417b5a1f4ec
  erb_lint (0.9.0) sha256=dfb5e40ad839e8d1f0d56ca85ec9a7ac4c9cd966ec281138282f35b323ca7c31
  erubi (1.13.1) sha256=a082103b0885dbc5ecf1172fede897f9ebdb745a4b97a5e8dc63953db1ee4ad9
  execjs (2.10.0) sha256=6bcb8be8f0052ff9d370b65d1c080f2406656e150452a0abdb185a133048450d
  factory_bot (6.5.5) sha256=ce59295daee1b4704dab8a2fee6816f513d467c6aa3bc587860767d74a66efbe
  faraday (2.13.4) sha256=c719ff52cfd0dbaeca79dd83ed3aeea3f621032abf8bc959d1c05666157cac26
  faraday-net_http (3.4.1) sha256=095757fae7872b94eac839c08a1a4b8d84fd91d6886cfbe75caa2143de64ab3b
  ffi (1.17.2-aarch64-linux-gnu) sha256=c910bd3cae70b76690418cce4572b7f6c208d271f323d692a067d59116211a1a
  ffi (1.17.2-aarch64-linux-musl) sha256=69e6556b091d45df83e6c3b19d3c54177c206910965155a6ec98de5e893c7b7c
  ffi (1.17.2-arm-linux-gnu) sha256=d4a438f2b40224ae42ec72f293b3ebe0ba2159f7d1bd47f8417e6af2f68dbaa5
  ffi (1.17.2-arm-linux-musl) sha256=977dfb7f3a6381206dbda9bc441d9e1f9366bf189a634559c3b7c182c497aaa3
  ffi (1.17.2-arm64-darwin) sha256=54dd9789be1d30157782b8de42d8f887a3c3c345293b57ffb6b45b4d1165f813
  ffi (1.17.2-x86_64-darwin) sha256=981f2d4e32ea03712beb26e55e972797c2c5a7b0257955d8667ba58f2da6440e
  ffi (1.17.2-x86_64-linux-gnu) sha256=05d2026fc9dbb7cfd21a5934559f16293815b7ce0314846fee2ac8efbdb823ea
  ffi (1.17.2-x86_64-linux-musl) sha256=97c0eb3981414309285a64dc4d466bd149e981c279a56371ef811395d68cb95c
  flipflop (2.8.0) sha256=90ff7125918793aa3db2fd8479cc612106bd880c86552029119d915f668e9789
  friendly_id (5.5.1) sha256=e018f2b89bfc143276fee6d378a64792385cd4fddd3d4fce501f59ec19c06207
  gds-api-adapters (101.0.0) sha256=3f08b0ad72b45cc138ee7f1ffb736c342e81150093f298b406e72f0d7833ddd8
  gds-sso (22.1.1) sha256=87da38284fe2eb98cca4f02d5f23bc01bbad7eeabe10a3c60d915628968d9122
  globalid (1.3.0) sha256=05c639ad6eb4594522a0b07983022f04aa7254626ab69445a0e493aa3786ff11
  google-protobuf (4.32.1) sha256=d9ec3f52a283802055647af5d824dcdfe0a791c6ecbad6a514442f40759015e7
  google-protobuf (4.32.1-aarch64-linux-gnu) sha256=b2254c50085b86a0395b2adea11d9742fe703a135b67689991dcc03a1c9bc179
  google-protobuf (4.32.1-aarch64-linux-musl) sha256=a9cdae8e14ccb781b40efb996ec7ca151fe8521c46cfd40e2b05d62867ab555c
  google-protobuf (4.32.1-arm64-darwin) sha256=ef2b6c138847f03af94eeed58ee8aaf00263dd66490ec659202c06dc3b2f0c29
  google-protobuf (4.32.1-x86_64-darwin) sha256=2e1fe608d8bbd09514258d84e2a281178214473f95f248ab82e0553c5ab6a8a3
  google-protobuf (4.32.1-x86_64-linux-gnu) sha256=2d209c1980dbdeb4114c7d839a3305fb78dc90bde42fb9a22974c8a4841e0263
  google-protobuf (4.32.1-x86_64-linux-musl) sha256=d5314aea8817bd372177205667b4f4442a5884212bcaccb1ba569ec8a1a06ec4
  googleapis-common-protos-types (1.22.0) sha256=f97492b77bd6da0018c860d5004f512fe7cd165554d7019a8f4df6a56fbfc4c7
  govspeak (10.6.5) sha256=da0b30b54a0975a046f406e7278bb9653f38a1e8237f5fb5849b1f3faa30047e
  govuk_app_config (9.20.3) sha256=cd937b8c05320c1289b84d443cd0fcb1808cffd7c1e6c3b209886e6fe958c72c
  govuk_frontend_toolkit (9.0.1) sha256=18fdae529c9003e023c3461d89a45ddaf5ac0df311705351743c9f1b7b48a2de
  govuk_personalisation (1.1.0) sha256=6e7a0dcfaec11570d95490160a95aff85150df5b667a586ecd7d5de04feac5dd
  govuk_publishing_components (61.1.3) sha256=4190f9bbf71d04ce0ab3b77de840e9282b3f89f32707ad26b5dbfe5128559093
  govuk_schemas (6.2.0) sha256=9a5a7b672256664d1bef1b7db80926df92a3ce9196bfe00ce96b8fd8bacc56d2
  govuk_sidekiq (10.0.0) sha256=0d0485f6946f5e212eb5d6f5105c406a25f3cd059592a5b490b78f1d71818de8
  govuk_test (4.1.2) sha256=ab0318c625d0e4b9358092bb7add4c852dd1bc69a3ff2edcfe4bfa1d156c9bb9
  hana (1.3.7) sha256=5425db42d651fea08859811c29d20446f16af196308162894db208cac5ce9b0d
  hashdiff (1.2.0) sha256=c984f13e115bfc9953332e8e83bd9d769cfde9944e2d54e07eb9df7b76e140b5
  hashie (5.0.0) sha256=9d6c4e51f2a36d4616cbc8a322d619a162d8f42815a792596039fc95595603da
  htmlentities (4.3.4) sha256=125a73c6c9f2d1b62100b7c3c401e3624441b663762afa7fe428476435a673da
  http-accept (1.7.0) sha256=c626860682bfbb3b46462f8c39cd470fd7b0584f61b3cc9df5b2e9eb9972a126
  http-cookie (1.0.8) sha256=b14fe0445cf24bf9ae098633e9b8d42e4c07c3c1f700672b09fbfe32ffd41aa6
  i18n (1.14.7) sha256=ceba573f8138ff2c0915427f1fc5bdf4aa3ab8ae88c8ce255eb3ecf0a11a5d0f
  io-console (0.8.1) sha256=1e15440a6b2f67b6ea496df7c474ed62c860ad11237f29b3bd187f054b925fcb
  irb (1.15.2) sha256=222f32952e278da34b58ffe45e8634bf4afc2dc7aa9da23fed67e581aa50fdba
  jbuilder (2.14.1) sha256=4eb26376ff60ef100cb4fd6fd7533cd271f9998327e86adf20fd8c0e69fabb42
  json (2.13.2) sha256=02e1f118d434c6b230a64ffa5c8dee07e3ec96244335c392eaed39e1199dbb68
  json-schema (6.0.0) sha256=79ecaffba197008912933f66f6c5428f5ce7716e42bb1a8f0d56079f2d58633f
  json_schemer (2.4.0) sha256=56cb6117bb5748d925b33ad3f415b513d41d25d0bbf57fe63c0a78ff05597c24
  jwt (3.1.2) sha256=af6991f19a6bb4060d618d9add7a66f0eeb005ac0bc017cd01f63b42e122d535
  kaminari (1.2.2) sha256=c4076ff9adccc6109408333f87b5c4abbda5e39dc464bd4c66d06d9f73442a3e
  kaminari-actionview (1.2.2) sha256=1330f6fc8b59a4a4ef6a549ff8a224797289ebf7a3a503e8c1652535287cc909
  kaminari-activerecord (1.2.2) sha256=0dd3a67bab356a356f36b3b7236bcb81cef313095365befe8e98057dd2472430
  kaminari-core (1.2.2) sha256=3bd26fec7370645af40ca73b9426a448d09b8a8ba7afa9ba3c3e0d39cdbb83ff
  kramdown (2.5.1) sha256=87bbb6abd9d3cebe4fc1f33e367c392b4500e6f8fa19dd61c0972cf4afe7368c
  language_server-protocol (3.17.0.5) sha256=fd1e39a51a28bf3eec959379985a72e296e9f9acfce46f6a79d31ca8760803cc
  launchy (3.1.1) sha256=72b847b5cc961589dde2c395af0108c86ff0119f42d4648d25b5440ebb10059e
  link_header (0.0.8) sha256=15c65ce43b29f739b30d05e5f25c22c23797e89cf6f905dbb595fb4c70cb55f9
  lint_roller (1.1.0) sha256=2c0c845b632a7d172cb849cc90c1bce937a28c5c8ccccb50dfd46a485003cc87
  logger (1.7.0) sha256=196edec7cc44b66cfb40f9755ce11b392f21f7967696af15d274dde7edff0203
  logstasher (2.1.5) sha256=095e9208d9a72b9da521909b3947cf3776c70517e933acbf071228617dcd0d02
  loofah (2.24.1) sha256=655a30842b70ec476410b347ab1cd2a5b92da46a19044357bbd9f401b009a337
  mail (2.8.1) sha256=ec3b9fadcf2b3755c78785cb17bc9a0ca9ee9857108a64b6f5cfc9c0b5bfc9ad
  marcel (1.1.0) sha256=fdcfcfa33cc52e93c4308d40e4090a5d4ea279e160a7f6af988260fa970e0bee
  matrix (0.4.3) sha256=a0d5ab7ddcc1973ff690ab361b67f359acbb16958d1dc072b8b956a286564c5b
  maxitest (6.0.1) sha256=45212854a319e8d19ca32332656dd275d89048eaff199263f9bc6c38efdc869e
  memoist3 (1.0.0) sha256=686e42402cf150a362050c23143dc57b0ef88f8c344943ff8b7845792b50d56f
  method_source (1.1.0) sha256=181301c9c45b731b4769bc81e8860e72f9161ad7d66dd99103c9ab84f560f5c5
  mime-types (3.7.0) sha256=dcebf61c246f08e15a4de34e386ebe8233791e868564a470c3fe77c00eed5e56
  mime-types-data (3.2025.0826) sha256=66baca9e2f464d084c8ff668f2bbe8afe30bebf12b52bce1f4b87b78eaaead35
  mini_mime (1.1.5) sha256=8681b7e2e4215f2a159f9400b5816d85e9d8c6c6b491e96a12797e798f8bccef
  minitest (5.25.5) sha256=391b6c6cb43a4802bfb7c93af1ebe2ac66a210293f4a3fb7db36f2fc7dc2c756
  minitest-fail-fast (0.1.0) sha256=25b75f85c52ec034f6494044ab960fdd264dfea8f10752a3fa617a1ef6e9fd4d
  minitest-stub-const (0.6) sha256=b39f34dd6b8e7045fcc36820083aceaa68075318e4c4f365b12f11bd5f34b279
  mocha (2.7.1) sha256=8f7d538d5d3ebc75fc788b3d92fbab913a93a78462d2a3ce99d1bdde7af7f851
  msgpack (1.8.0) sha256=e64ce0212000d016809f5048b48eb3a65ffb169db22238fb4b72472fecb2d732
  multi_test (1.1.0) sha256=e9e550cdd863fb72becfe344aefdcd4cbd26ebf307847f4a6c039a4082324d10
  multi_xml (0.7.2) sha256=307a96dc48613badb7b2fc174fd4e62d7c7b619bc36ea33bfd0c49f64f5787ce
  mutex_m (0.3.0) sha256=cfcb04ac16b69c4813777022fdceda24e9f798e48092a2b817eb4c0a782b0751
  net-http (0.6.0) sha256=9621b20c137898af9d890556848c93603716cab516dc2c89b01a38b894e259fb
  net-imap (0.5.12) sha256=cb8cd05bd353fcc19b6cbc530a9cb06b577a969ea10b7ddb0f37787f74be4444
  net-pop (0.1.2) sha256=848b4e982013c15b2f0382792268763b748cce91c9e91e36b0f27ed26420dff3
  net-protocol (0.2.2) sha256=aa73e0cba6a125369de9837b8d8ef82a61849360eba0521900e2c3713aa162a8
  net-smtp (0.5.1) sha256=ed96a0af63c524fceb4b29b0d352195c30d82dd916a42f03c62a3a70e5b70736
  netrc (0.11.0) sha256=de1ce33da8c99ab1d97871726cba75151113f117146becbe45aa85cb3dabee3f
  nio4r (2.7.4) sha256=d95dee68e0bb251b8ff90ac3423a511e3b784124e5db7ff5f4813a220ae73ca9
  nokogiri (1.18.10-aarch64-linux-gnu) sha256=7fb87235d729c74a2be635376d82b1d459230cc17c50300f8e4fcaabc6195344
  nokogiri (1.18.10-aarch64-linux-musl) sha256=7e74e58314297cc8a8f1b533f7212d1999dbe2639a9ee6d97b483ea2acc18944
  nokogiri (1.18.10-arm-linux-gnu) sha256=51f4f25ab5d5ba1012d6b16aad96b840a10b067b93f35af6a55a2c104a7ee322
  nokogiri (1.18.10-arm-linux-musl) sha256=1c6ea754e51cecc85c30ee8ab1e6aa4ce6b6e134d01717e9290e79374a9e00aa
  nokogiri (1.18.10-arm64-darwin) sha256=c2b0de30770f50b92c9323fa34a4e1cf5a0af322afcacd239cd66ee1c1b22c85
  nokogiri (1.18.10-x86_64-darwin) sha256=536e74bed6db2b5076769cab5e5f5af0cd1dccbbd75f1b3e1fa69d1f5c2d79e2
  nokogiri (1.18.10-x86_64-linux-gnu) sha256=ff5ba26ba2dbce5c04b9ea200777fd225061d7a3930548806f31db907e500f72
  nokogiri (1.18.10-x86_64-linux-musl) sha256=0651fccf8c2ebbc2475c8b1dfd7ccac3a0a6d09f8a41b72db8c21808cb483385
  null_logger (0.0.1) sha256=5039c505a2e00f50111f266db62b8c9c5b57e9c8f28380944d79a55ec8a9f5a1
  oauth2 (2.0.12) sha256=f7edb8549c7912724d07087d808c3fa6756298fd64d55d4968324df69c64ab3f
  omniauth (2.1.3) sha256=8d24e2e55c41926c96e4a93fd566bc026dfd6f2c850408748e89945a565956c2
  omniauth-oauth2 (1.8.0) sha256=b2f8e9559cc7e2d4efba57607691d6d2b634b879fc5b5b6ccfefa3da85089e78
  opentelemetry-api (1.7.0) sha256=ccfd264ea6f2db5bf4185e3c07a1297977b44a944e2ce65457c4fe63a697214f
  opentelemetry-common (0.22.0) sha256=ce5e96a0f838d67eb70a1d32e02bdbe7b8f41767bc71994d73b299a8b0c5878d
  opentelemetry-exporter-otlp (0.30.0) sha256=07cb0446bb782dfcf7cc27d2d6ebcf9aef1a4585b3f4952be6276a1e77d5ba97
  opentelemetry-helpers-mysql (0.3.0) sha256=cfe61bb3fe483f239b3d44fe0d2e49fca0def849dff9d3029a95d420692780ec
  opentelemetry-helpers-sql (0.2.0) sha256=9f23977bcac6ee7f8782a4821181ca75d75e635e6e01f2a0da7e2b5169bb884d
  opentelemetry-helpers-sql-obfuscation (0.4.0) sha256=7252199f13df8dabb0a44f6b856c0ed3393585b9ad055371da4227a88a2c2341
  opentelemetry-instrumentation-action_mailer (0.5.0) sha256=c6b2311a6b687a0e7601c69a9c31ba7de2d35b9b82c5ed1a36dc0d5356c2386a
  opentelemetry-instrumentation-action_pack (0.14.1) sha256=c6ec48256e33bc4d5ca22d65676476ed1b35db6071c7e4391fb3cd30ed2d5924
  opentelemetry-instrumentation-action_view (0.10.0) sha256=da91f6e48286d3904246fbd9b445111471d46dd212206bb554914d679928b377
  opentelemetry-instrumentation-active_job (0.9.2) sha256=b2c54bbf34950e05d39aa5fdde7df69d4c3b2390821aef43815a7e98f57fbdb8
  opentelemetry-instrumentation-active_model_serializers (0.23.0) sha256=9caf0ed1306f6de9f939ee8049172553caefd7fe0d4039971f5ea617511faca2
  opentelemetry-instrumentation-active_record (0.10.1) sha256=47fdd3dcc27d2c1a9335be7a393980a28eb532df127ab39966c8777e866d1afb
  opentelemetry-instrumentation-active_storage (0.2.0) sha256=d8aff194b7469f3beb63a707d5fb3179fd24a02c84ee5ba4d428367e86764d66
  opentelemetry-instrumentation-active_support (0.9.1) sha256=deab7f8583c30a50220452e2f5fa3e84d3f6eb5941f6f950d623a5e7db99b1e1
  opentelemetry-instrumentation-all (0.84.0) sha256=dab7efb035df4c820738cfdf16197709cfe785ccd944f1f6a32664844fcc1c51
  opentelemetry-instrumentation-anthropic (0.2.1) sha256=14efa524e14f1dd3af41c063c1d57d4381f76229852a028ae8c58187d3dc712b
  opentelemetry-instrumentation-aws_lambda (0.5.1) sha256=aab868448d18e4d38730257977490befabcc1ac0cf9266d4a714ca4d0dfa9f6e
  opentelemetry-instrumentation-aws_sdk (0.9.1) sha256=b48d73178d66a0ad6a614a4782604ee6b1581ef9ce7991464a54da8acac1b529
  opentelemetry-instrumentation-base (0.24.0) sha256=38bc93fcb399bd3b06dcb04395ca617576de16cd1acc26594aec17529b2a0dab
  opentelemetry-instrumentation-bunny (0.23.1) sha256=4385c959feb2109d610ea7ff333021afba5a2711dceceff53c5b8f95251d985f
  opentelemetry-instrumentation-concurrent_ruby (0.23.1) sha256=b34f0f63b6396af6e35b2d2997d0edb66ad8f7e3918f0e3aed50bf1aa2c42801
  opentelemetry-instrumentation-dalli (0.28.1) sha256=030b58329d79c1ec54eb1430ed5e4207f19ed3bdf5660d36c58463c540cd294a
  opentelemetry-instrumentation-delayed_job (0.24.1) sha256=60b43e5b1d50aa67ff62249987ff7cbf57635ccb4fd9e362ecb609f2879793d1
  opentelemetry-instrumentation-ethon (0.24.1) sha256=7a64ae0f585d3f92567695ae3b5fe3dc682c1d98e2cc930ff7269285913f986d
  opentelemetry-instrumentation-excon (0.25.2) sha256=e1f3e7e6a6f83c2beab067a942fa9e6be6e7884d66436d784ca9eb268687d692
  opentelemetry-instrumentation-faraday (0.29.1) sha256=b25b5ccce6380dabcf98b4fabb0b2e2f76d4e3b79b05b4c563dd357b7fdfd625
  opentelemetry-instrumentation-grape (0.4.0) sha256=6e8fa023b01fd9502bf4ad393a00bd678a4c06e811ebc1d22b1897fb4af63c66
  opentelemetry-instrumentation-graphql (0.30.1) sha256=4db1fdd4738b306b9247c1ff046bf55ee198bf9355476e16d2a6f457947c0006
  opentelemetry-instrumentation-grpc (0.3.1) sha256=7f41b69cb96b60b5ad1150668720e02b2e733c2e05f310c9af9a66b61f222403
  opentelemetry-instrumentation-gruf (0.4.1) sha256=d4da43ee186d0973b8feaadb04127af82aa3eca1d58068209625bc20ebf8f7d4
  opentelemetry-instrumentation-http (0.26.1) sha256=f018c4f4285fc00ab7bce67a5ca94a76c2fde5d560dd089fb01ee0b0a30a4d31
  opentelemetry-instrumentation-http_client (0.25.1) sha256=ce1cffff3f822805cda47e3e28839f495bfdcbd7524def1258f258f790fe666a
  opentelemetry-instrumentation-httpx (0.4.1) sha256=edb9753b998f6d14e19329be41cf6c150f03e222a165b84e4a0941d2ca8d6e50
  opentelemetry-instrumentation-koala (0.22.1) sha256=c3e52d37d6d105bc5d33c04a111e0129d98a5283555545c1352896a7feddb213
  opentelemetry-instrumentation-lmdb (0.24.1) sha256=dcd02eb4efa664c6130457f76dc912cc2c86d7e7b0ba295b36534394a7b76f85
  opentelemetry-instrumentation-mongo (0.24.1) sha256=564098eef96eb10dd956a1ff20315a58fde0ff08466249fa1b4b141fe6544b8b
  opentelemetry-instrumentation-mysql2 (0.30.1) sha256=6c5dd3403fbbda6f0c174ff0cab1dd7e9bc391346bfc64b4a2270808bdafeb83
  opentelemetry-instrumentation-net_http (0.25.1) sha256=43eabc848aa800872ffc36dcb0c4ce72740b7ccdd4125f03a983e3cd21ec27af
  opentelemetry-instrumentation-pg (0.31.1) sha256=57c81cd93feba4a79702a083eb62db12a0b2f8e3cfcbb9db25b6f141eb56a78d
  opentelemetry-instrumentation-que (0.10.1) sha256=9081ed34289a17ad501f2057c3274a149aac540006c0dcae1dbd67c26813cdd1
  opentelemetry-instrumentation-racecar (0.5.1) sha256=48ae22e230af411cf04cd58f8e440a1cde8a2f476d10c33adeda9c11b060c64c
  opentelemetry-instrumentation-rack (0.28.2) sha256=f207d70fd23022ffa227fae0c24f81cd4975a61e879912029c7e713740a81e3d
  opentelemetry-instrumentation-rails (0.38.0) sha256=c1aec7b854cfc873747495c4375cf8dbedbe2c30e2e86d44c0860bf993bdd1af
  opentelemetry-instrumentation-rake (0.4.1) sha256=68a5f854113f96a92aa7ca68d6da9815f12da2b9272ec22e87c919c8d15c4380
  opentelemetry-instrumentation-rdkafka (0.8.1) sha256=dce82018958ac61d80fb7a91c01bbd0312155d282d47178b4af87426a06f5bb1
  opentelemetry-instrumentation-redis (0.27.1) sha256=f0bee2dfc83d1b737f3948e875bfa3ae5610c90d46dc708d1ceea03b525287f8
  opentelemetry-instrumentation-resque (0.7.1) sha256=391401e252547d104a1f5e79f61495dcc002759e4c33256377dacd2ebed8a156
  opentelemetry-instrumentation-restclient (0.25.1) sha256=df83d6709ef81a28d7acab0221ee70e6bf603b398aaa56e6de68ae7dc0a26fc9
  opentelemetry-instrumentation-ruby_kafka (0.23.1) sha256=f98a55fb918ba58ebeac9d4cc51abe20f946fbf409326bafe5d3c73118409b23
  opentelemetry-instrumentation-sidekiq (0.27.1) sha256=c06fa51594b0a50979b0386cea7ec2f0ed823fac0d7f591d8d262d57ab2676e9
  opentelemetry-instrumentation-sinatra (0.27.1) sha256=494e58cf0dd8c0eb58411f4597938ae997506296c0b4f56812a3078771e3bee4
  opentelemetry-instrumentation-trilogy (0.63.1) sha256=7a90bb0eae48b139ed44e9070e690c48d4f5caf5c265d67603d71dc609b60122
  opentelemetry-registry (0.4.0) sha256=903fa6bfaa29eac1c1d73a4fdd29b850977b5353b84b8cdff11222c00ad2968f
  opentelemetry-sdk (1.9.0) sha256=46437c5abf683c6664284fc78067d1272529ed6574bb05b70c9a1f7aba13e0dc
  opentelemetry-semantic_conventions (1.36.0) sha256=c1b1607dbc7853aac7f9e23f6e8b76969c45b07f2b812a4aa4383c19a3b0f617
  ostruct (0.6.3) sha256=95a2ed4a4bd1d190784e666b47b2d3f078e4a9efda2fccf18f84ddc6538ed912
  parallel (1.27.0) sha256=4ac151e1806b755fb4e2dc2332cbf0e54f2e24ba821ff2d3dcf86bf6dc4ae130
  parser (3.3.9.0) sha256=94d6929354b1a6e3e1f89d79d4d302cc8f5aa814431a6c9c7e0623335d7687f2
  pg (1.6.2) sha256=58614afd405cc9c2c9e15bffe8432e0d6cfc58b722344ad4a47c73a85189c875
  pg (1.6.2-aarch64-linux) sha256=0503c6be5b0ca5ca3aaf91f2ed638f90843313cb81e8e7d7b60ad4bb62c3d131
  pg (1.6.2-aarch64-linux-musl) sha256=c4402447c56279bea80472770522e95c8a2ff49b7f3e534d0cdb01eb27fd6eb8
  pg (1.6.2-arm64-darwin) sha256=4d44500b28d5193b26674583d199a6484f80f1f2ea9cf54f7d7d06a1b7e316b6
  pg (1.6.2-x86_64-darwin) sha256=c441a55723584e2ae41749bf26024d7ffdfe1841b442308ed50cd6b7fda04115
  pg (1.6.2-x86_64-linux) sha256=525f438137f2d1411a1ebcc4208ec35cb526b5a3b285a629355c73208506a8ea
  pg (1.6.2-x86_64-linux-musl) sha256=e5c8668ffeaf7a9c3458a3dcb002dffa6d8ee1fca9ae534ffef861d2b15644ca
  pg_search (2.3.7) sha256=27868941844961e593526b835da20e48995e9b846515e91856084c5bd9ab4f35
  playwright-ruby-client (1.54.1) sha256=c097731a9c027ed5a54adaac61ad9e62a318c2ace86fce7c3f85bbd7767682e2
  plek (5.2.2) sha256=f508a25c97cf174e492be6270ee9fc9698051ab79170461582302d7b8cb0e180
  pp (0.6.3) sha256=2951d514450b93ccfeb1df7d021cae0da16e0a7f95ee1e2273719669d0ab9df6
  prettyprint (0.2.0) sha256=2bc9e15581a94742064a3cc8b0fb9d45aae3d03a1baa6ef80922627a0766f193
  prism (1.4.0) sha256=dc0e3e00e93160213dc2a65519d9002a4a1e7b962db57d444cf1a71565bb703e
  prometheus_exporter (2.3.0) sha256=bfe5dd9bce74e41e302c611a6d290fc86fba31441d6a88930fb80dd458fe2875
  pry (0.15.2) sha256=12d54b8640d3fa29c9211dd4ffb08f3fd8bf7a4fd9b5a73ce5b59c8709385b6b
  pry-byebug (3.11.0) sha256=0b0abb7d309bc7f00044d512a3c8567274f7012b944b38becc8440439a1cea72
  pry-rails (0.3.11) sha256=a69e28e24a34d75d1f60bcf241192a54253f8f7ef8a62cba1e75750a9653593d
  psych (5.2.6) sha256=814328aa5dcb6d604d32126a20bc1cbcf05521a5b49dbb1a8b30a07e580f316e
  public_suffix (6.0.2) sha256=bfa7cd5108066f8c9602e0d6d4114999a5df5839a63149d3e8b0f9c1d3558394
  puma (7.0.4) sha256=b4c6ae11d1458052eeaa415176c3bf0000f4232287f413525ab2504446154b7a
  racc (1.8.1) sha256=4a7f6929691dbec8b5209a0b373bc2614882b55fc5d2e447a21aaa691303d62f
  rack (3.2.3) sha256=239a373da6584574f25f042d8ed4ba21e691c9799f1d2b5c8920bbbc23ca3d41
  rack-protection (4.1.1) sha256=51a254a5d574a7f0ca4f0672025ce2a5ef7c8c3bd09c431349d683e825d7d16a
  rack-proxy (0.7.7) sha256=446a4b57001022145d5c3ba73b775f66a2260eaf7420c6907483141900395c8a
  rack-session (2.1.1) sha256=0b6dc07dea7e4b583f58a48e8b806d4c9f1c6c9214ebc202ec94562cbea2e4e9
  rack-test (2.2.0) sha256=005a36692c306ac0b4a9350355ee080fd09ddef1148a5f8b2ac636c720f5c463
  rackup (2.2.1) sha256=f737191fd5c5b348b7f0a4412a3b86383f88c43e13b8217b63d4c8d90b9e798d
  rails (8.0.3) sha256=5d83c0822d1aaea32a278a99b1afedd3f28e14cfff846e96987bb24ebcb3fd45
  rails-controller-testing (1.0.5) sha256=741448db59366073e86fc965ba403f881c636b79a2c39a48d0486f2607182e94
  rails-dom-testing (2.3.0) sha256=8acc7953a7b911ca44588bf08737bc16719f431a1cc3091a292bca7317925c1d
  rails-html-sanitizer (1.6.2) sha256=35fce2ca8242da8775c83b6ba9c1bcaad6751d9eb73c1abaa8403475ab89a560
  railties (8.0.3) sha256=ace31dcad7134299a64d6d96310d76d32868756e58e2983e25b121acd457f1d2
  rainbow (3.1.1) sha256=039491aa3a89f42efa1d6dec2fc4e62ede96eb6acd95e52f1ad581182b79bc6a
  rake (13.3.0) sha256=96f5092d786ff412c62fde76f793cc0541bd84d2eb579caa529aa8a059934493
  rdoc (6.15.0) sha256=0f0e68864969e77c2acd4063a9585baa5216d362701d827a93feaa9cbae78b05
  record_tag_helper (1.0.1) sha256=28b073f6c0e529d0f96969ba8ce5c2a9c1b5472d603a67b60bf64798b15c3dcf
  redis-client (0.26.1) sha256=1e39d2862c4516a75ff777ee6ed08827af39336bfece4a48e944244891d9a073
  regexp_parser (2.11.2) sha256=5e5e9c1485ffd8de53ab1d2807affd81f617f72967dfc64fc75a69e2cbf0ff98
  reline (0.6.2) sha256=1dad26a6008872d59c8e05244b119347c9f2ddaf4a53dce97856cd5f30a02846
  request_store (1.7.0) sha256=e1b75d5346a315f452242a68c937ef8e48b215b9453a77a6c0acdca2934c88cb
  rest-client (2.1.0) sha256=35a6400bdb14fae28596618e312776c158f7ebbb0ccad752ff4fa142bf2747e3
  rexml (3.4.4) sha256=19e0a2c3425dfbf2d4fc1189747bdb2f849b6c5e74180401b15734bc97b5d142
  rinku (2.0.6) sha256=8b60670e3143f3db2b37efa262971ce3619ec23092045498ef9f077d82828d7d
  rouge (4.6.1) sha256=5075346d5797d6864be93f7adc75a16047a7dbfa572c63c502419ffa582c77de
  rspec-core (3.13.5) sha256=ab3f682897c6131c67f9a17cfee5022a597f283aebe654d329a565f9937a4fa3
  rspec-expectations (3.13.5) sha256=33a4d3a1d95060aea4c94e9f237030a8f9eae5615e9bd85718fe3a09e4b58836
  rspec-mocks (3.13.5) sha256=e4338a6f285ada9fe56f5893f5457783af8194f5d08884d17a87321d5195ea81
  rspec-rails (8.0.2) sha256=113139a53f5d068d4f48d1c29ad5f982013ed9b0daa69d7f7b266eda5d433ace
  rspec-support (3.13.4) sha256=184b1814f6a968102b57df631892c7f1990a91c9a3b9e80ef892a0fc2a71a3f7
  rubocop (1.79.2) sha256=d3f42a7d197952c2a163719c5462fea827710a435b18bfb7070c6eedd2e90391
  rubocop-ast (1.46.0) sha256=0da7f6ad5b98614f89b74f11873c191059c823eae07d6ffd40a42a3338f2232b
  rubocop-capybara (2.22.1) sha256=ced88caef23efea53f46e098ff352f8fc1068c649606ca75cb74650970f51c0c
  rubocop-govuk (5.1.20) sha256=13a35037db44c16ee299011fb162c234df84832f65a728da8503fc72a0475448
  rubocop-rails (2.33.3) sha256=848c011b58c1292f3066246c9eb18abf6ffcfbce28bc57c4ab888bbec79af74b
  rubocop-rake (0.7.1) sha256=3797f2b6810c3e9df7376c26d5f44f3475eda59eb1adc38e6f62ecf027cbae4d
  rubocop-rspec (3.6.0) sha256=c0e4205871776727e54dee9cc91af5fd74578001551ba40e1fe1a1ab4b404479
  ruby-progressbar (1.13.0) sha256=80fc9c47a9b640d6834e0dc7b3c94c9df37f08cb072b7761e4a71e22cff29b33
  ruby2_keywords (0.0.5) sha256=ffd13740c573b7301cf7a2e61fc857b2a8e3d3aff32545d6f8300d8bae10e3ef
  rubyzip (3.0.1) sha256=8bbbf32ff93db9a156ce2626820e748e2913352e6df80d764d0eea1ed1f5b8a7
  sanitize (7.0.0) sha256=269d1b9d7326e69307723af5643ec032ff86ad616e72a3b36d301ac75a273984
  sass-embedded (1.90.0-aarch64-linux-gnu) sha256=e8ce5d2b026a63564a07691b50f1481849ed46afa3e92c3b760150efb6aebab8
  sass-embedded (1.90.0-aarch64-linux-musl) sha256=8df2c75b68ca0c55e3d0ad910c647d34ac8b0fd2869128864c370cde0170efe8
  sass-embedded (1.90.0-arm-linux-gnueabihf) sha256=a150421af6900fce707edcde12b4d5f6c9b85f11256ec26383363ce6611244a2
  sass-embedded (1.90.0-arm-linux-musleabihf) sha256=4e125094f86cc3d7577f7fef67ece0e874d4ea790467e698e7ce169d1a518dd9
  sass-embedded (1.90.0-arm64-darwin) sha256=c3ff4f4b3cb692a16b31b1a678deb6ffb2704f6aee6a8552fa63153f2f9c9c8d
  sass-embedded (1.90.0-x86_64-darwin) sha256=cc7770bfbc34bc0c4ad7740523c5ed63500fda44b1c088ec9bc1a53206bdb52c
  sass-embedded (1.90.0-x86_64-linux-gnu) sha256=cfcead0b72810818186459b14e587a94aa8bb15a167185898154f7b9d5a63036
  sass-embedded (1.90.0-x86_64-linux-musl) sha256=fffd0ee0dff16fa2ce572228fa7d4f5ed1f9aff6b2b6a79af92cb2000a7b5a71
  securerandom (0.4.1) sha256=cc5193d414a4341b6e225f0cb4446aceca8e50d5e1888743fac16987638ea0b1
  selenium-webdriver (4.35.0) sha256=6fc920cec4b9e6263afeb4941289d8deb0853acbc49e0d6f7de91c86986d359b
  sentry-rails (5.28.0) sha256=a0cbba7ce86312172db9d1b3c39c5302de07e446e7df3f68e4f4b1d240a91fc2
  sentry-ruby (5.28.0) sha256=745c1db3b85c765993dfeb941830aeafff82d85330cd953410c7f37197b0bd99
  sentry-sidekiq (5.28.0) sha256=13262a3ae6bcf5f9759fa535a136b15ef816170044d29a9affc20855aa0fa577
  sidekiq (7.3.9) sha256=1108712e1def89002b28e3545d5ae15d4a57ffd4d2c25d97bb1360988826b5a7
  simplecov (0.22.0) sha256=fe2622c7834ff23b98066bb0a854284b2729a569ac659f82621fc22ef36213a5
  simplecov-html (0.13.2) sha256=bd0b8e54e7c2d7685927e8d6286466359b6f16b18cb0df47b508e8d73c777246
  simplecov_json_formatter (0.1.4) sha256=529418fbe8de1713ac2b2d612aa3daa56d316975d307244399fa4838c601b428
  simpleidn (0.2.3) sha256=08ce96f03fa1605286be22651ba0fc9c0b2d6272c9b27a260bc88be05b0d2c29
  smart_properties (1.17.0) sha256=f9323f8122e932341756ddec8e0ac9ec6e238408a7661508be99439ca6d6384b
  snaky_hash (2.0.3) sha256=25a3d299566e8153fb02fa23fd9a9358845950f7a523ddbbe1fa1e0d79a6d456
  sprockets (4.2.2) sha256=761e5a49f1c288704763f73139763564c845a8f856d52fba013458f8af1b59b1
  sprockets-rails (3.5.2) sha256=a9e88e6ce9f8c912d349aa5401509165ec42326baf9e942a85de4b76dbc4119e
  statsd-ruby (1.5.0) sha256=369ddf09537408e273849e09b84d4edbdac24ac461f5c9b6cacb0e4398190109
  stringio (3.1.7) sha256=5b78b7cb242a315fb4fca61a8255d62ec438f58da2b90be66048546ade4507fa
  sys-uname (1.4.1) sha256=ed2278ec670ee8af5eb5420d3a98e22188051f6241180db7c779993db2739a16
  terminal-table (4.0.0) sha256=f504793203f8251b2ea7c7068333053f0beeea26093ec9962e62ea79f94301d2
  terser (1.2.6) sha256=6ddf00b93df7015b07e2b9b149e74cd70fa7aa4f0f89a15d9922a6ebd13f37ab
  thor (1.4.0) sha256=8763e822ccb0f1d7bee88cde131b19a65606657b847cc7b7b4b82e772bcd8a3d
  thruster (0.1.15) sha256=fe3396aa7158c32f499d8b7df07aefc0070050666a171788aec412705b438eab
  thruster (0.1.15-aarch64-linux) sha256=bd55cf486e14ce0484c86a10b04a470da0463efc0dea2f495e49c0ac40d085df
  thruster (0.1.15-arm64-darwin) sha256=d340f3b361054123646912dd1833c8929732e1194d8f4d0305dcfb0e0017b289
  thruster (0.1.15-x86_64-darwin) sha256=7d933c973d39c66b3652a7bd6364dbefd22f7e335be7a66d0c64126d4624df63
  thruster (0.1.15-x86_64-linux) sha256=a979a3e493c111940723c08c3b7b3b6f95c5d44af26fe65b6edae1f96fc0deda
  timecop (0.9.10) sha256=12ba45ce57cdcf6b1043cb6cdffa6381fd89ce10d369c28a7f6f04dc1b0cd8eb
  timeout (0.4.3) sha256=9509f079b2b55fe4236d79633bd75e34c1c1e7e3fb4b56cb5fda61f80a0fe30e
  transitions (1.3.0) sha256=994fe565aed80b0dee43483c12a528f524fe0de7ecd5d30dc0e9305f29bddd61
  tsort (0.2.0) sha256=9650a793f6859a43b6641671278f79cfead60ac714148aabe4e3f0060480089f
  turbo-rails (2.0.17) sha256=49fd304b62e1b7f308f4feda49d1e1941ec90e6cd2f16cd0d9f8380e72c21926
  tzinfo (2.0.6) sha256=8daf828cc77bcf7d63b0e3bdb6caa47e2272dcfaf4fbfe46f8c3a9df087a829b
  unicode-display_width (3.1.5) sha256=bf566817855ee7ee3adcf7bace0d5906cb14401417db59193f8a5fcedf02dd4e
  unicode-emoji (4.0.4) sha256=2c2c4ef7f353e5809497126285a50b23056cc6e61b64433764a35eff6c36532a
  uri (1.0.4) sha256=34485d137c079f8753a0ca1d883841a7ba2e5fae556e3c30c2aab0dde616344b
  useragent (0.16.11) sha256=700e6413ad4bb954bb63547fa098dddf7b0ebe75b40cc6f93b8d54255b173844
  version_gem (1.1.8) sha256=a964767ecbe36551b9ff2e59099548c27569f2f7f94bdb09f609d76393a8e008
  view_component (4.0.2) sha256=80eb4a8ecf8ff4cf152aea4821a8748d071a2e3af04f0532efcbf5011e8e9f65
  warden (1.2.9) sha256=46684f885d35a69dbb883deabf85a222c8e427a957804719e143005df7a1efd0
  warden-oauth2 (0.0.1) sha256=9f8dfd89d23ef8936734ca897acd7dde86802c8139d6299774d6e6bf292921fd
  webmock (3.25.1) sha256=ab9d5d9353bcbe6322c83e1c60a7103988efc7b67cd72ffb9012629c3d396323
  webrick (1.9.1) sha256=b42d3c94f166f3fb73d87e9b359def9b5836c426fc8beacf38f2184a21b2a989
  websocket (1.2.11) sha256=b7e7a74e2410b5e85c25858b26b3322f29161e300935f70a0e0d3c35e0462737
  websocket-driver (0.8.0) sha256=ed0dba4b943c22f17f9a734817e808bc84cdce6a7e22045f5315aa57676d4962
  websocket-extensions (0.1.5) sha256=1c6ba63092cda343eb53fc657110c71c754c56484aad42578495227d717a8241
  xpath (3.2.0) sha256=6dfda79d91bb3b949b947ecc5919f042ef2f399b904013eb3ef6d20dd3a4082e
  zeitwerk (2.7.3) sha256=b2e86b4a9b57d26ba68a15230dcc7fe6f040f06831ce64417b0621ad96ba3e85

BUNDLED WITH
   2.6.9
